GEM
  remote: http://rubygems.org/
  specs:
    crack (0.1.8)
    curb (0.7.12)
    domain_name (0.5.20190701)
      unf (>= 0.0.5, < 1.0.0)
    eventmachine (0.12.10)
    http-cookie (1.0.3)
      domain_name (~> 0.5)
    httparty (0.7.4)
      crack (= 0.1.8)
    httpclient (2.1.6.1)
    httprb (0.1.5)
    mime-types (2.99.3)
    netrc (0.11.0)
    patron (0.4.11)
    rest-client (1.8.0)
      http-cookie (>= 1.0.2, < 2.0)
      mime-types (>= 1.16, < 3.0)
      netrc (~> 0.7)
    righttp (0.1.5)
    rufus-jig (1.0.0)
      rufus-json (>= 0.2.5)
      rufus-lru
    rufus-json (0.2.5)
    rufus-lru (1.0.3)
    unf (0.1.4)
      unf_ext
    unf_ext (0.0.7.7)
    yajl-ruby (0.8.1)

PLATFORMS
  ruby

DEPENDENCIES
  curb
  eventmachine
  httparty
  httpclient
  httprb
  patron
  rest-client
  righttp
  rufus-jig
  yajl-ruby
